PATH
  remote: ..
  specs:
    pry-moves (0.1.11)
      binding_of_caller (~> 0.7)
      pry (>= 0.10.4, < 1)

GEM
  remote: https://rubygems.org/
  specs:
    binding_of_caller (0.8.0)
      debug_inspector (>= 0.0.1)
    coderay (1.1.2)
    debug_inspector (0.0.3)
    method_source (0.9.2)
    pry (0.12.2)
      coderay (~> 1.1.0)
      method_source (~> 0.9.0)

PLATFORMS
  ruby

DEPENDENCIES
  pry-moves!

BUNDLED WITH
   1.17.0
